GIT
  remote: git://github.com/danascheider/sinatra-sequel_extension.git
  revision: 394c9b3d9dd6d54e44bde492457da70daba1e63a
  specs:
    sinatra-sequel_extension (0.9.1)
      sequel (>= 3.2)
      sinatra (>= 0.9.4)

GEM
  remote: https://rubygems.org/
  specs:
    concurrent-ruby (1.0.2)
    daemons (1.2.3)
    dotenv (2.1.1)
    eventmachine (1.2.0.1)
    execjs (2.7.0)
    ffi (1.9.14)
    listen (3.1.5)
      rb-fsevent (~> 0.9, >= 0.9.4)
      rb-inotify (~> 0.9, >= 0.9.7)
      ruby_dep (~> 1.2)
    mustache (0.99.8)
    mustache-sinatra (1.0.1)
      mustache (<= 0.99.8)
    pg (0.18.4)
    rack (1.6.4)
    rack-protection (1.5.3)
      rack
    rb-fsevent (0.9.7)
    rb-inotify (0.9.7)
      ffi (>= 0.5.0)
    rerun (0.11.0)
      listen (~> 3.0)
    ruby_dep (1.3.1)
    sass (3.4.22)
    sequel (4.36.0)
    sequel-seed (0.3.2)
      sequel (>= 4.0)
    sinatra (1.4.7)
      rack (~> 1.5)
      rack-protection (~> 1.4)
      tilt (>= 1.3, < 3)
    sprockets (3.6.3)
      concurrent-ruby (~> 1.0)
      rack (> 1, < 3)
    thin (1.7.0)
      daemons (~> 1.0, >= 1.0.9)
      eventmachine (~> 1.0, >= 1.0.4)
      rack (>= 1, < 3)
    tilt (2.0.5)
    uglifier (3.0.0)
      execjs (>= 0.3.0, < 3)

PLATFORMS
  ruby

DEPENDENCIES
  dotenv
  mustache-sinatra (~> 1)
  pg
  rerun
  sass (~> 3.4)
  sequel
  sequel-seed
  sinatra (= 1.4.7)
  sinatra-sequel_extension!
  sprockets (~> 3.6)
  thin (~> 1.7)
  uglifier (~> 3.0)

RUBY VERSION
   ruby 2.2.5p319

BUNDLED WITH
   1.12.5
